GEM
  remote: http://rubygems.org/
  specs:
    coderay (1.0.6)
    darksky (1.0.4)
      typhoeus
    faraday (0.8.1)
      multipart-post (~> 1.1)
    geoloqi (0.9.43)
      faraday (>= 0.6.1)
      json
      rack
    hashie (1.2.0)
    json (1.7.3)
    method_source (0.7.1)
    mime-types (1.18)
    multi_json (1.3.6)
    multipart-post (1.1.5)
    oj (1.2.9)
    pry (0.9.9.6)
      coderay (~> 1.0.5)
      method_source (~> 0.7.1)
      slop (>= 2.4.4, < 3)
    puma (1.3.1)
      rack (~> 1.2)
    rack (1.4.1)
    rack-protection (1.2.0)
      rack
    rufus-scheduler (2.0.16)
      tzinfo (>= 0.3.23)
    sinatra (1.3.2)
      rack (~> 1.3, >= 1.3.6)
      rack-protection (~> 1.2)
      tilt (~> 1.3, >= 1.3.3)
    slop (2.4.4)
    tilt (1.3.3)
    typhoeus (0.3.3)
      mime-types
    tzinfo (0.3.33)

PLATFORMS
  ruby

DEPENDENCIES
  darksky
  geoloqi
  hashie
  multi_json
  oj
  pry
  puma
  rufus-scheduler
  sinatra
