GEM
  remote: http://rubygems.org/
  specs:
    darksky (1.0.4)
      typhoeus
    mime-types (1.18)
    multi_json (1.3.6)
    oj (1.2.9)
    puma (1.3.1)
      rack (~> 1.2)
    rack (1.4.1)
    rack-protection (1.2.0)
      rack
    sinatra (1.3.2)
      rack (~> 1.3, >= 1.3.6)
      rack-protection (~> 1.2)
      tilt (~> 1.3, >= 1.3.3)
    tilt (1.3.3)
    typhoeus (0.3.3)
      mime-types

PLATFORMS
  ruby

DEPENDENCIES
  darksky
  multi_json
  oj
  puma
  sinatra
