GEM
  remote: http://rubygems.org/
  specs:
    coderay (1.0.6)
    columnize (0.3.6)
    darksky (1.0.4)
      typhoeus
    debugger (1.1.3)
      columnize (>= 0.3.1)
      debugger-linecache (~> 1.1.1)
      debugger-ruby_core_source (~> 1.1.2)
    debugger-linecache (1.1.1)
      debugger-ruby_core_source (>= 1.1.1)
    debugger-ruby_core_source (1.1.3)
    faraday (0.8.1)
      multipart-post (~> 1.1)
    geoloqi (0.9.43)
      faraday (>= 0.6.1)
      json
      rack
    hashie (1.2.0)
    json (1.7.3)
    method_source (0.7.1)
    mime-types (1.18)
    multi_json (1.3.6)
    multipart-post (1.1.5)
    oj (1.2.9)
    pry (0.9.9.6)
      coderay (~> 1.0.5)
      method_source (~> 0.7.1)
      slop (>= 2.4.4, < 3)
    puma (1.3.1)
      rack (~> 1.2)
    rack (1.4.1)
    rack-protection (1.2.0)
      rack
    rest-client (1.6.7)
      mime-types (>= 1.16)
    rufus-scheduler (2.0.16)
      tzinfo (>= 0.3.23)
    sinatra (1.3.2)
      rack (~> 1.3, >= 1.3.6)
      rack-protection (~> 1.2)
      tilt (~> 1.3, >= 1.3.3)
    slop (2.4.4)
    tilt (1.3.3)
    typhoeus (0.3.3)
      mime-types
    tzinfo (0.3.33)

PLATFORMS
  ruby

DEPENDENCIES
  darksky
  debugger
  geoloqi
  hashie
  multi_json
  oj
  pry
  puma
  rest-client
  rufus-scheduler
  sinatra
